PATH
  remote: .
  specs:
    amazon_product_api (0.0.2)
      httparty

GEM
  remote: https://rubygems.org/
  specs:
    httparty (0.11.0)
      multi_json (~> 1.0)
      multi_xml (>= 0.5.2)
    multi_json (1.7.7)
    multi_xml (0.5.4)
    rake (0.9.2.2)

PLATFORMS
  ruby

DEPENDENCIES
  amazon_product_api!
  bundler
  rake
